GEM
  remote: http://rubygems.org/
  specs:
    abstract (1.0.0)
    actionpack (3.0.20)
      activemodel (= 3.0.20)
      activesupport (= 3.0.20)
      builder (~> 2.1.2)
      erubis (~> 2.6.6)
      i18n (~> 0.5.0)
      rack (~> 1.2.5)
      rack-mount (~> 0.6.14)
      rack-test (~> 0.5.7)
      tzinfo (~> 0.3.23)
    activemodel (3.0.20)
      activesupport (= 3.0.20)
      builder (~> 2.1.2)
      i18n (~> 0.5.0)
    activesupport (3.0.20)
    bouncy-castle-java (1.5.0145.2)
    builder (2.1.2)
    erubis (2.6.6)
      abstract (>= 1.0.0)
    i18n (0.5.4)
    jruby-openssl (0.7.1)
      bouncy-castle-java
    json (1.8.6)
    json (1.8.6-java)
    neo4j (1.0.0.beta.13)
      activemodel (~> 3.0.0)
      railties (~> 3.0.0)
    neo4jr-simple (0.2.2)
    rack (1.2.8)
    rack-mount (0.6.14)
      rack (>= 1.0.0)
    rack-test (0.5.7)
      rack (>= 1.0)
    railties (3.0.20)
      actionpack (= 3.0.20)
      activesupport (= 3.0.20)
      rake (>= 0.8.7)
      rdoc (~> 3.4)
      thor (~> 0.14.4)
    rake (13.0.0)
    rdoc (3.12.2)
      json (~> 1.4)
    ruby-graphviz (0.9.18)
    thor (0.14.6)
    tzinfo (0.3.55)

PLATFORMS
  java
  ruby

DEPENDENCIES
  jruby-openssl
  neo4j (= 1.0.0.beta.13)
  neo4jr-simple
  ruby-graphviz (= 0.9.18)
